GEM
  remote: http://rubygems.org/
  specs:
    activesupport (3.0.0)
    addressable (2.2.1)
    configuration (1.1.0)
    daemons (1.1.0)
    em-http-request (0.2.14)
      addressable (>= 2.0.0)
      eventmachine (>= 0.12.9)
    em-websocket (0.1.4)
      addressable (>= 2.1.1)
      eventmachine (>= 0.12.9)
    eventmachine (0.12.10)
    gemcutter (0.6.1)
    git (1.2.5)
    haml (3.0.21)
    jeweler (1.4.0)
      gemcutter (>= 0.1.0)
      git (>= 1.2.5)
      rubyforge (>= 2.0.0)
    json_pure (1.4.6)
    launchy (0.3.7)
      configuration (>= 0.0.5)
      rake (>= 0.8.1)
    nokogiri (1.4.3.1)
    rack (1.2.1)
    rake (0.8.7)
    roauth (0.0.3)
    rspec (1.3.0)
    rubyforge (2.0.4)
      json_pure (>= 1.1.7)
    sinatra (1.0)
      rack (>= 1.0)
    thin (1.2.7)
      daemons (>= 1.0.9)
      eventmachine (>= 0.12.6)
      rack (>= 1.0.0)
    thor (0.14.3)
    twitter-stream (0.1.10)
      eventmachine (>= 0.12.8)
      roauth (>= 0.0.2)
    yajl-ruby (0.7.8)
    yard (0.6.1)

PLATFORMS
  ruby

DEPENDENCIES
  activesupport (= 3.0.0)
  em-http-request (= 0.2.14)
  em-websocket (= 0.1.4)
  eventmachine (= 0.12.10)
  haml (= 3.0.21)
  jeweler
  launchy (= 0.3.7)
  nokogiri (= 1.4.3.1)
  rake (= 0.8.7)
  rspec
  sinatra (= 1.0)
  thin (= 1.2.7)
  thor (= 0.14.3)
  twitter-stream (= 0.1.10)
  yajl-ruby (= 0.7.8)
  yard
